GEM
  remote: http://ruby.taobao.org/
  specs:
    activesupport (3.2.13)
      i18n (= 0.6.1)
      multi_json (~> 1.0)
    bubble-wrap (1.3.0)
    claide (0.3.2)
    cocoapods (0.22.1)
      activesupport (~> 3.2.13)
      claide (~> 0.3.2)
      cocoapods-core (= 0.22.1)
      cocoapods-downloader (~> 0.1.1)
      colored (~> 1.2)
      escape (~> 0.0.4)
      json (~> 1.8.0)
      open4 (~> 1.3.0)
      xcodeproj (~> 0.8.0)
    cocoapods-core (0.22.1)
      activesupport (~> 3.2.13)
      json (~> 1.8.0)
      nap (~> 0.5.1)
    cocoapods-downloader (0.1.1)
    colored (1.2)
    escape (0.0.4)
    i18n (0.6.1)
    json (1.8.0)
    motion-cocoapods (1.3.5)
      cocoapods (>= 0.17.0)
    multi_json (1.7.7)
    nap (0.5.1)
    nitron (0.2)
      motion-cocoapods (>= 1.0.1)
    open4 (1.3.0)
    rake (10.1.0)
    sugarcube (0.20.25)
    webstub (0.6.1)
    xcodeproj (0.8.0)
      activesupport (~> 3.2.13)
      colored (~> 1.2)

PLATFORMS
  ruby

DEPENDENCIES
  bubble-wrap
  motion-cocoapods
  nitron
  rake
  sugarcube
  webstub
